GEM
  remote: https://rubygems.org/
  specs:
    activemodel (7.0.1)
      activesupport (= 7.0.1)
    activerecord (7.0.1)
      activemodel (= 7.0.1)
      activesupport (= 7.0.1)
    activesupport (7.0.1)
      concurrent-ruby (~> 1.0, >= 1.0.2)
      i18n (>= 1.6, < 2)
      minitest (>= 5.1)
      tzinfo (~> 2.0)
    addressable (2.8.0)
      public_suffix (>= 2.0.2, < 5.0)
    ansi (1.5.0)
    ast (2.4.2)
    bcrypt (3.1.16)
    capybara (3.36.0)
      addressable
      matrix
      mini_mime (>= 0.1.3)
      nokogiri (~> 1.8)
      rack (>= 1.6.0)
      rack-test (>= 0.6.3)
      regexp_parser (>= 1.5, < 3.0)
      xpath (~> 3.2)
    concurrent-ruby (1.1.9)
    diff-lcs (1.5.0)
    docile (1.4.0)
    i18n (1.9.1)
      concurrent-ruby (~> 1.0)
    jaro_winkler (1.5.4)
    matrix (0.4.2)
    mini_mime (1.1.2)
    minitest (5.15.0)
    mustermann (1.1.1)
      ruby2_keywords (~> 0.0.1)
    nokogiri (1.13.1-x86_64-darwin)
      racc (~> 1.4)
    parallel (1.21.0)
    parser (3.1.0.0)
      ast (~> 2.4.1)
    pg (1.3.1)
    public_suffix (4.0.6)
    racc (1.6.0)
    rack (2.2.3)
    rack-protection (2.1.0)
      rack
    rack-test (1.1.0)
      rack (>= 1.0, < 3)
    rainbow (3.1.1)
    rake (13.0.6)
    regexp_parser (2.2.0)
    rspec (3.10.0)
      rspec-core (~> 3.10.0)
      rspec-expectations (~> 3.10.0)
      rspec-mocks (~> 3.10.0)
    rspec-core (3.10.2)
      rspec-support (~> 3.10.0)
    rspec-expectations (3.10.2)
      diff-lcs (>= 1.2.0, < 2.0)
      rspec-support (~> 3.10.0)
    rspec-mocks (3.10.3)
      diff-lcs (>= 1.2.0, < 2.0)
      rspec-support (~> 3.10.0)
    rspec-support (3.10.3)
    rubocop (0.79.0)
      jaro_winkler (~> 1.5.1)
      parallel (~> 1.10)
      parser (>= 2.7.0.1)
      rainbow (>= 2.2.2, < 4.0)
      ruby-progressbar (~> 1.7)
      unicode-display_width (>= 1.4.0, < 1.7)
    ruby-progressbar (1.11.0)
    ruby2_keywords (0.0.5)
    simplecov (0.21.2)
      docile (~> 1.1)
      simplecov-html (~> 0.11)
      simplecov_json_formatter (~> 0.1)
    simplecov-console (0.9.1)
      ansi
      simplecov
      terminal-table
    simplecov-html (0.12.3)
    simplecov_json_formatter (0.1.3)
    sinatra (2.1.0)
      mustermann (~> 1.0)
      rack (~> 2.2)
      rack-protection (= 2.1.0)
      tilt (~> 2.0)
    sinatra-activerecord (2.0.25)
      activerecord (>= 4.1)
      sinatra (>= 1.0)
    terminal-table (3.0.2)
      unicode-display_width (>= 1.1.1, < 3)
    tilt (2.0.10)
    tzinfo (2.0.4)
      concurrent-ruby (~> 1.0)
    unicode-display_width (1.6.1)
    xpath (3.2.0)
      nokogiri (~> 1.8)

PLATFORMS
  x86_64-darwin-21

DEPENDENCIES
  activerecord
  bcrypt
  capybara
  pg
  rake
  rspec
  rubocop (= 0.79.0)
  simplecov
  simplecov-console
  sinatra
  sinatra-activerecord

BUNDLED WITH
   2.3.6
